PATH
  remote: .
  specs:
    astronomy_engine (0.3.0)
      astronomy (~> 0.2)
      sinatra (~> 1.4)
      sinatra-assetpack (~> 0.3)
      sinatra-contrib (~> 1.4)

GEM
  remote: https://rubygems.org/
  specs:
    astronomy (0.3.0)
    backports (3.6.8)
    diff-lcs (1.2.5)
    jsmin (1.0.1)
    multi_json (1.12.1)
    rack (1.6.5)
    rack-protection (1.5.3)
      rack
    rack-test (0.6.3)
      rack (>= 1.0)
    rake (10.5.0)
    rspec (3.5.0)
      rspec-core (~> 3.5.0)
      rspec-expectations (~> 3.5.0)
      rspec-mocks (~> 3.5.0)
    rspec-core (3.5.4)
      rspec-support (~> 3.5.0)
    rspec-expectations (3.5.0)
      diff-lcs (>= 1.2.0, < 2.0)
      rspec-support (~> 3.5.0)
    rspec-mocks (3.5.0)
      diff-lcs (>= 1.2.0, < 2.0)
      rspec-support (~> 3.5.0)
    rspec-support (3.5.0)
    sinatra (1.4.7)
      rack (~> 1.5)
      rack-protection (~> 1.4)
      tilt (>= 1.3, < 3)
    sinatra-assetpack (0.3.5)
      jsmin
      rack-test
      sinatra
      tilt (>= 1.3.0, < 2.0)
    sinatra-contrib (1.4.7)
      backports (>= 2.0)
      multi_json
      rack-protection
      rack-test
      sinatra (~> 1.4.0)
      tilt (>= 1.3, < 3)
    tilt (1.4.1)

PLATFORMS
  ruby

DEPENDENCIES
  astronomy_engine!
  bundler (~> 1.7)
  rake (~> 10.0)
  rspec (~> 3.0)

BUNDLED WITH
   1.11.2
